GEM
  remote: https://rubygems.org/
  specs:
    chunky_png (1.3.1)
    colored (1.2)
    compass (0.12.7)
      chunky_png (~> 1.2)
      fssm (>= 0.2.7)
      sass (~> 3.2.19)
    cri (2.6.1)
      colored (~> 1.2)
    fssm (0.2.10)
    kramdown (1.4.0)
    mustache (0.99.5)
    nanoc (3.7.1)
      cri (~> 2.3)
    sass (3.2.19)

PLATFORMS
  ruby

DEPENDENCIES
  compass
  kramdown
  mustache
  nanoc
